PATH
  remote: .
  specs:
    hacker_term (0.0.6)
      clipboard
      launchy
      rest-client

GEM
  remote: https://rubygems.org/
  specs:
    addressable (2.3.3)
    clipboard (1.0.1)
    diff-lcs (1.1.3)
    launchy (2.2.0)
      addressable (~> 2.3)
    mime-types (1.21)
    rest-client (1.6.7)
      mime-types (>= 1.16)
    rspec (2.12.0)
      rspec-core (~> 2.12.0)
      rspec-expectations (~> 2.12.0)
      rspec-mocks (~> 2.12.0)
    rspec-core (2.12.0)
    rspec-expectations (2.12.0)
      diff-lcs (~> 1.1.3)
    rspec-mocks (2.12.0)

PLATFORMS
  ruby

DEPENDENCIES
  hacker_term!
  rspec
